PATH
  remote: .
  specs:
    portalign (0.0.1)
      aws (= 2.5.6)

GEM
  remote: http://rubygems.org/
  specs:
    aws (2.5.6)
      http_connection
      uuidtools
      xml-simple
    diff-lcs (1.1.3)
    http_connection (1.4.1)
    rake (0.9.2.2)
    rspec (2.10.0)
      rspec-core (~> 2.10.0)
      rspec-expectations (~> 2.10.0)
      rspec-mocks (~> 2.10.0)
    rspec-core (2.10.1)
    rspec-expectations (2.10.0)
      diff-lcs (~> 1.1.3)
    rspec-mocks (2.10.1)
    uuidtools (2.1.2)
    xml-simple (1.1.1)

PLATFORMS
  ruby

DEPENDENCIES
  portalign!
  rake
  rspec (~> 2.10.0)
